GEM
  remote: https://rubygems.org/
  specs:
    ansi (1.5.0)
    hashie (4.1.0)
    itamae (1.10.7)
      ansi
      hashie
      schash (~> 0.1.0)
      specinfra (>= 2.64.0, < 3.0.0)
      thor
    itamae-secrets (0.2.3)
      thor
    net-scp (3.0.0)
      net-ssh (>= 2.6.5, < 7.0.0)
    net-ssh (6.0.2)
    net-telnet (0.1.1)
    schash (0.1.2)
    sfl (2.3)
    specinfra (2.82.16)
      net-scp
      net-ssh (>= 2.7)
      net-telnet (= 0.1.1)
      sfl
    thor (1.0.1)

PLATFORMS
  ruby

DEPENDENCIES
  itamae
  itamae-secrets

BUNDLED WITH
   2.1.4
